GEM
  remote: https://rubygems.org/
  specs:
    aws-sdk (2.1.29)
      aws-sdk-resources (= 2.1.29)
    aws-sdk-core (2.1.29)
      jmespath (~> 1.0)
    aws-sdk-resources (2.1.29)
      aws-sdk-core (= 2.1.29)
    jmespath (1.1.3)
    jruby-pageant (1.1.1)
    net-scp (1.0.4)
      net-ssh (>= 1.99.1)
    net-ssh (2.4.0)
      jruby-pageant (>= 1.0.2)
    retries (0.0.5)

PLATFORMS
  ruby

DEPENDENCIES
  aws-sdk (~> 2)
  net-scp
  net-ssh (= 2.4.0)
  retries

BUNDLED WITH
   1.10.6
