GEM
  remote: https://rubygems.org/
  specs:
    aws-sdk (2.1.19)
      aws-sdk-resources (= 2.1.19)
    aws-sdk-core (2.1.19)
      jmespath (~> 1.0)
    aws-sdk-resources (2.1.19)
      aws-sdk-core (= 2.1.19)
    jmespath (1.0.2)
      multi_json (~> 1.0)
    multi_json (1.11.2)
    retries (0.0.5)

PLATFORMS
  ruby

DEPENDENCIES
  aws-sdk (~> 2)
  retries

BUNDLED WITH
   1.10.6
